PATH
  remote: .
  specs:
    curseforge (0.1.0)

GEM
  remote: https://rubygems.org/
  specs:
    faraday (2.12.2)
      faraday-net_http (>= 2.0, < 3.5)
      json
      logger
    faraday-net_http (3.4.0)
      net-http (>= 0.5.0)
    json (2.9.1)
    logger (1.6.4)
    net-http (0.6.0)
      uri
    rake (13.2.1)
    uri (1.0.2)

PLATFORMS
  ruby
  x86_64-linux

DEPENDENCIES
  curseforge!
  faraday (~> 2.12)
  rake (~> 13.0)

BUNDLED WITH
   2.5.22
